GEM
  remote: https://rubygems.org/
  specs:
    addressable (2.5.2)
      public_suffix (>= 2.0.2, < 4.0)
    airbrussh (1.3.0)
      sshkit (>= 1.6.1, != 1.7.0)
    ast (2.4.0)
    aws-partitions (1.80.0)
    aws-sdk-core (3.19.0)
      aws-partitions (~> 1.0)
      aws-sigv4 (~> 1.0)
      jmespath (~> 1.0)
    aws-sdk-kms (1.5.0)
      aws-sdk-core (~> 3)
      aws-sigv4 (~> 1.0)
    aws-sdk-s3 (1.9.0)
      aws-sdk-core (~> 3)
      aws-sdk-kms (~> 1)
      aws-sigv4 (~> 1.0)
    aws-sigv4 (1.0.2)
    babosa (1.0.2)
    bcrypt (3.1.11)
    better_errors (2.4.0)
      coderay (>= 1.0.0)
      erubi (>= 1.0.0)
      rack (>= 0.9.0)
    binding_of_caller (0.8.0)
      debug_inspector (>= 0.0.1)
    capistrano (3.10.1)
      airbrussh (>= 1.0.0)
      i18n
      rake (>= 10.0.0)
      sshkit (>= 1.9.0)
    capistrano-bundler (1.3.0)
      capistrano (~> 3.1)
      sshkit (~> 1.2)
    capistrano-chruby (0.1.2)
      capistrano (~> 3.0)
      sshkit (~> 1.3)
    capistrano-hanami (0.2.0)
      capistrano (~> 3.7)
      capistrano-bundler (~> 1.2)
    capybara (3.0.3)
      addressable
      mini_mime (>= 0.1.3)
      nokogiri (~> 1.8)
      rack (>= 1.6.0)
      rack-test (>= 0.6.3)
      xpath (~> 3.0)
    coderay (1.1.2)
    concurrent-ruby (1.0.5)
    connection_pool (2.2.1)
    database_cleaner (1.6.2)
    dataloader (1.0.0)
      concurrent-ruby (~> 1)
      promise.rb (~> 0.7.3)
    debug_inspector (0.0.3)
    diff-lcs (1.3)
    dotenv (2.2.1)
    down (4.3.0)
    dry-auto_inject (0.4.6)
      dry-container (>= 0.3.4)
    dry-configurable (0.7.0)
      concurrent-ruby (~> 1.0)
    dry-container (0.6.0)
      concurrent-ruby (~> 1.0)
      dry-configurable (~> 0.1, >= 0.1.3)
    dry-core (0.4.5)
      concurrent-ruby (~> 1.0)
    dry-equalizer (0.2.0)
    dry-initializer (1.4.1)
    dry-logic (0.4.2)
      dry-container (~> 0.2, >= 0.2.6)
      dry-core (~> 0.2)
      dry-equalizer (~> 0.2)
    dry-matcher (0.7.0)
    dry-monads (0.4.0)
      dry-core (~> 0.3, >= 0.3.3)
      dry-equalizer
    dry-struct (0.3.1)
      dry-configurable (~> 0.1)
      dry-core (~> 0.3)
      dry-equalizer (~> 0.2)
      dry-types (~> 0.9, >= 0.9.0)
      ice_nine (~> 0.11)
    dry-transaction (0.10.2)
      dry-container (>= 0.2.8)
      dry-matcher (>= 0.5.0)
      dry-monads (>= 0.0.1)
      wisper (>= 1.6.0)
    dry-types (0.11.1)
      concurrent-ruby (~> 1.0)
      dry-configurable (~> 0.1)
      dry-container (~> 0.3)
      dry-core (~> 0.2, >= 0.2.1)
      dry-equalizer (~> 0.2)
      dry-logic (~> 0.4, >= 0.4.0)
      inflecto (~> 0.0.0, >= 0.0.2)
    dry-validation (0.11.0)
      concurrent-ruby (~> 1.0)
      dry-configurable (~> 0.1, >= 0.1.3)
      dry-core (~> 0.2, >= 0.2.1)
      dry-equalizer (~> 0.2)
      dry-logic (~> 0.4, >= 0.4.0)
      dry-types (~> 0.11.0)
    erubi (1.7.0)
    ffi (1.9.23)
    graphql (1.7.14)
    hanami (1.2.0.rc2)
      bundler
      concurrent-ruby (~> 1.0)
      hanami-assets (= 1.2.0.rc2)
      hanami-cli (= 0.2.0.rc2)
      hanami-controller (= 1.2.0.rc2)
      hanami-helpers (= 1.2.0.rc2)
      hanami-mailer (= 1.2.0.rc2)
      hanami-router (= 1.2.0.rc2)
      hanami-utils (= 1.2.0.rc2)
      hanami-validations (= 1.2.0.rc2)
      hanami-view (= 1.2.0.rc2)
    hanami-assets (1.2.0.rc2)
      hanami-helpers (= 1.2.0.rc2)
      hanami-utils (= 1.2.0.rc2)
      tilt (~> 2.0, >= 2.0.2)
    hanami-cli (0.2.0.rc2)
      concurrent-ruby (~> 1.0)
      hanami-utils (= 1.2.0.rc2)
    hanami-controller (1.2.0.rc2)
      hanami-utils (= 1.2.0.rc2)
      rack (~> 2.0)
    hanami-helpers (1.2.0.rc2)
      hanami-utils (= 1.2.0.rc2)
    hanami-mailer (1.2.0.rc2)
      hanami-utils (= 1.2.0.rc2)
      mail (~> 2.6)
      tilt (~> 2.0, >= 2.0.1)
    hanami-model (1.2.0.rc2)
      concurrent-ruby (~> 1.0)
      dry-types (~> 0.11.0)
      hanami-utils (= 1.2.0.rc2)
      rom (~> 3.3, >= 3.3.3)
      rom-repository (~> 1.4)
      rom-sql (~> 1.3, >= 1.3.5)
    hanami-router (1.2.0.rc2)
      hanami-utils (= 1.2.0.rc2)
      http_router (= 0.11.2)
      rack (~> 2.0)
    hanami-utils (1.2.0.rc2)
      concurrent-ruby (~> 1.0)
      transproc (~> 1.0)
    hanami-validations (1.2.0.rc2)
      dry-validation (~> 0.11)
      hanami-utils (= 1.2.0.rc2)
    hanami-view (1.2.0.rc2)
      hanami-utils (= 1.2.0.rc2)
      tilt (~> 2.0, >= 2.0.1)
    hanami-webconsole (0.1.0.beta1)
      better_errors (~> 2.4)
      binding_of_caller (~> 0.8)
    http_router (0.11.2)
      rack (>= 1.0.0)
      url_mount (~> 0.2.1)
    i18n (1.0.0)
      concurrent-ruby (~> 1.0)
    ice_nine (0.11.2)
    inflecto (0.0.2)
    jmespath (1.4.0)
    jwt (2.1.0)
    launchy (2.4.3)
      addressable (~> 2.3)
    mail (2.7.0)
      mini_mime (>= 0.1.1)
    method_source (0.9.0)
    mini_mime (1.0.0)
    mini_portile2 (2.3.0)
    multi_json (1.13.1)
    net-scp (1.2.1)
      net-ssh (>= 2.6.5)
    net-ssh (4.2.0)
    nokogiri (1.8.2)
      mini_portile2 (~> 2.3.0)
    parallel (1.12.1)
    parser (2.5.0.5)
      ast (~> 2.4.0)
    pg (1.0.0)
    powerpack (0.1.1)
    promise.rb (0.7.4)
    pry (0.11.3)
      coderay (~> 1.1.0)
      method_source (~> 0.9.0)
    public_suffix (3.0.2)
    puma (3.11.3)
    pygments.rb (1.1.2)
      multi_json (>= 1.0.0)
    rack (2.0.5)
    rack-protection (2.0.1)
      rack
    rack-test (1.0.0)
      rack (>= 1.0, < 3)
    rainbow (3.0.0)
    rake (12.3.0)
    rb-fsevent (0.10.3)
    rb-inotify (0.9.10)
      ffi (>= 0.5.0, < 2)
    redcarpet (3.4.0)
    redis (4.0.1)
    rollbar (2.14.0)
      multi_json
    rom (3.3.3)
      concurrent-ruby (~> 1.0)
      dry-core (~> 0.3)
      dry-equalizer (~> 0.2)
      dry-initializer (~> 1.3)
      dry-types (~> 0.9, >= 0.9.4)
      rom-mapper (~> 0.5, >= 0.5.1)
    rom-mapper (0.5.1)
      dry-core (~> 0.2, >= 0.2.3)
      dry-equalizer (~> 0.2)
      transproc (~> 1.0)
    rom-repository (1.4.0)
      dry-core (~> 0.3, >= 0.3.1)
      dry-struct (~> 0.3)
      rom (~> 3.3)
      rom-mapper (~> 0.5)
    rom-sql (1.3.5)
      dry-core (~> 0.3)
      dry-equalizer (~> 0.2)
      dry-types (~> 0.11.0)
      rom (~> 3.2, >= 3.2.2)
      sequel (~> 4.43)
    rspec (3.7.0)
      rspec-core (~> 3.7.0)
      rspec-expectations (~> 3.7.0)
      rspec-mocks (~> 3.7.0)
    rspec-core (3.7.1)
      rspec-support (~> 3.7.0)
    rspec-expectations (3.7.0)
      diff-lcs (>= 1.2.0, < 2.0)
      rspec-support (~> 3.7.0)
    rspec-mocks (3.7.0)
      diff-lcs (>= 1.2.0, < 2.0)
      rspec-support (~> 3.7.0)
    rspec-support (3.7.1)
    rubocop (0.54.0)
      parallel (~> 1.10)
      parser (>= 2.5)
      powerpack (~> 0.1)
      rainbow (>= 2.2.2, < 4.0)
      ruby-progressbar (~> 1.7)
      unicode-display_width (~> 1.0, >= 1.0.1)
    ruby-progressbar (1.9.0)
    rugged (0.27.0)
    sass (3.5.5)
      sass-listen (~> 4.0.0)
    sass-listen (4.0.0)
      rb-fsevent (~> 0.9, >= 0.9.4)
      rb-inotify (~> 0.9, >= 0.9.7)
    sequel (4.49.0)
    shotgun (0.9.2)
      rack (>= 1.0)
    shrine (2.9.0)
      down (~> 4.1)
    sidekiq (5.1.1)
      concurrent-ruby (~> 1.0)
      connection_pool (~> 2.2, >= 2.2.0)
      rack-protection (>= 1.5.0)
      redis (>= 3.3.5, < 5)
    sshkit (1.16.0)
      net-scp (>= 1.1.2)
      net-ssh (>= 2.8.0)
    tilt (2.0.8)
    transproc (1.0.2)
    unicode-display_width (1.3.0)
    url_mount (0.2.1)
      rack
    warden (1.2.7)
      rack (>= 1.0)
    wisper (2.0.0)
    xpath (3.0.0)
      nokogiri (~> 1.8)

PLATFORMS
  ruby

DEPENDENCIES
  aws-sdk-s3
  babosa
  bcrypt
  capistrano
  capistrano-bundler
  capistrano-chruby
  capistrano-hanami
  capybara
  database_cleaner
  dataloader
  dotenv (~> 2.0)
  dry-auto_inject
  dry-container
  dry-transaction
  graphql
  hanami (= 1.2.0.rc2)
  hanami-model (= 1.2.0.rc2)
  hanami-webconsole
  jwt
  launchy
  nokogiri
  pg
  pry
  puma
  pygments.rb
  rake
  redcarpet
  rollbar
  rspec
  rubocop
  rugged
  sass
  shotgun
  shrine
  sidekiq
  warden

BUNDLED WITH
   1.16.1
