PATH
  remote: .
  specs:
    twist-core (0.0.1)
      babosa (~> 1.0)
      bcrypt (~> 3.1)
      dry-auto_inject (~> 0.4.6)
      dry-transaction (~> 0.13.0)
      hanami-model (~> 1.2)
      nokogiri (~> 1.8)
      pg (~> 1.1)
      pygments.rb (~> 1.2.1)
      redcarpet (~> 3.4)
      rugged (~> 0.27.0)

GEM
  remote: https://rubygems.org/
  specs:
    babosa (1.0.2)
    bcrypt (3.1.12)
    concurrent-ruby (1.0.5)
    diff-lcs (1.3)
    dry-auto_inject (0.4.6)
      dry-container (>= 0.3.4)
    dry-configurable (0.7.0)
      concurrent-ruby (~> 1.0)
    dry-container (0.6.0)
      concurrent-ruby (~> 1.0)
      dry-configurable (~> 0.1, >= 0.1.3)
    dry-core (0.4.7)
      concurrent-ruby (~> 1.0)
    dry-equalizer (0.2.1)
    dry-events (0.1.0)
      concurrent-ruby (~> 1.0)
      dry-core (~> 0.4)
      dry-equalizer (~> 0.2)
    dry-initializer (1.4.1)
    dry-logic (0.4.2)
      dry-container (~> 0.2, >= 0.2.6)
      dry-core (~> 0.2)
      dry-equalizer (~> 0.2)
    dry-matcher (0.7.0)
    dry-monads (1.0.1)
      concurrent-ruby (~> 1.0)
      dry-core (~> 0.4, >= 0.4.4)
      dry-equalizer
    dry-struct (0.3.1)
      dry-configurable (~> 0.1)
      dry-core (~> 0.3)
      dry-equalizer (~> 0.2)
      dry-types (~> 0.9, >= 0.9.0)
      ice_nine (~> 0.11)
    dry-transaction (0.13.0)
      dry-container (>= 0.2.8)
      dry-events (>= 0.1.0)
      dry-matcher (>= 0.7.0)
      dry-monads (>= 0.4.0)
    dry-types (0.11.1)
      concurrent-ruby (~> 1.0)
      dry-configurable (~> 0.1)
      dry-container (~> 0.3)
      dry-core (~> 0.2, >= 0.2.1)
      dry-equalizer (~> 0.2)
      dry-logic (~> 0.4, >= 0.4.0)
      inflecto (~> 0.0.0, >= 0.0.2)
    dry-validation (0.11.0)
      concurrent-ruby (~> 1.0)
      dry-configurable (~> 0.1, >= 0.1.3)
      dry-core (~> 0.2, >= 0.2.1)
      dry-equalizer (~> 0.2)
      dry-logic (~> 0.4, >= 0.4.0)
      dry-types (~> 0.11.0)
    hanami (1.2.0)
      bundler
      concurrent-ruby (~> 1.0)
      hanami-assets (~> 1.2)
      hanami-cli (~> 0.2)
      hanami-controller (~> 1.2)
      hanami-helpers (~> 1.2)
      hanami-mailer (~> 1.2)
      hanami-router (~> 1.2)
      hanami-utils (~> 1.2)
      hanami-validations (~> 1.2)
      hanami-view (~> 1.2)
    hanami-assets (1.2.0)
      hanami-helpers (~> 1.2)
      hanami-utils (~> 1.2)
      tilt (~> 2.0, >= 2.0.2)
    hanami-cli (0.2.0)
      concurrent-ruby (~> 1.0)
      hanami-utils (~> 1.2)
    hanami-controller (1.2.0)
      hanami-utils (~> 1.2)
      rack (~> 2.0)
    hanami-helpers (1.2.2)
      hanami-utils (~> 1.2)
    hanami-mailer (1.2.0)
      hanami-utils (~> 1.2)
      mail (~> 2.6)
      tilt (~> 2.0, >= 2.0.1)
    hanami-model (1.2.0)
      concurrent-ruby (~> 1.0)
      dry-types (~> 0.11.0)
      hanami-utils (~> 1.2)
      rom (~> 3.3, >= 3.3.3)
      rom-repository (~> 1.4)
      rom-sql (~> 1.3, >= 1.3.5)
    hanami-router (1.2.0)
      hanami-utils (~> 1.2)
      http_router (= 0.11.2)
      rack (~> 2.0)
    hanami-utils (1.2.0)
      concurrent-ruby (~> 1.0)
      transproc (~> 1.0)
    hanami-validations (1.2.2)
      dry-validation (~> 0.11, < 0.12)
      hanami-utils (~> 1.2)
    hanami-view (1.2.0)
      hanami-utils (~> 1.2)
      tilt (~> 2.0, >= 2.0.1)
    http_router (0.11.2)
      rack (>= 1.0.0)
      url_mount (~> 0.2.1)
    ice_nine (0.11.2)
    inflecto (0.0.2)
    mail (2.7.1)
      mini_mime (>= 0.1.1)
    mini_mime (1.0.1)
    mini_portile2 (2.3.0)
    multi_json (1.13.1)
    nokogiri (1.8.5)
      mini_portile2 (~> 2.3.0)
    pg (1.1.3)
    pygments.rb (1.2.1)
      multi_json (>= 1.0.0)
    rack (2.0.5)
    rake (10.5.0)
    redcarpet (3.4.0)
    rom (3.3.3)
      concurrent-ruby (~> 1.0)
      dry-core (~> 0.3)
      dry-equalizer (~> 0.2)
      dry-initializer (~> 1.3)
      dry-types (~> 0.9, >= 0.9.4)
      rom-mapper (~> 0.5, >= 0.5.1)
    rom-mapper (0.5.1)
      dry-core (~> 0.2, >= 0.2.3)
      dry-equalizer (~> 0.2)
      transproc (~> 1.0)
    rom-repository (1.4.0)
      dry-core (~> 0.3, >= 0.3.1)
      dry-struct (~> 0.3)
      rom (~> 3.3)
      rom-mapper (~> 0.5)
    rom-sql (1.3.5)
      dry-core (~> 0.3)
      dry-equalizer (~> 0.2)
      dry-types (~> 0.11.0)
      rom (~> 3.2, >= 3.2.2)
      sequel (~> 4.43)
    rspec (3.8.0)
      rspec-core (~> 3.8.0)
      rspec-expectations (~> 3.8.0)
      rspec-mocks (~> 3.8.0)
    rspec-core (3.8.0)
      rspec-support (~> 3.8.0)
    rspec-expectations (3.8.2)
      diff-lcs (>= 1.2.0, < 2.0)
      rspec-support (~> 3.8.0)
    rspec-mocks (3.8.0)
      diff-lcs (>= 1.2.0, < 2.0)
      rspec-support (~> 3.8.0)
    rspec-support (3.8.0)
    rugged (0.27.5)
    sequel (4.49.0)
    tilt (2.0.8)
    transproc (1.0.2)
    url_mount (0.2.1)
      rack

PLATFORMS
  ruby

DEPENDENCIES
  bundler (~> 1.16)
  hanami
  rake (~> 10.0)
  rspec (~> 3.0)
  twist-core!

BUNDLED WITH
   1.16.5
